GEM
  remote: https://rubygems.org/
  specs:
    etc (1.1.0)
    passenger (6.0.5)
      etc
      rack
      rake (>= 0.8.1)
    rack (1.6.13)
    rake (13.0.1)
    sinatra (1.1.0)
      rack (~> 1.1)
      tilt (~> 1.1)
    tilt (1.4.1)

PLATFORMS
  ruby

DEPENDENCIES
  passenger (>= 6.0.5)
  sinatra (= 1.1.0)

BUNDLED WITH
   2.1.4
